PATH
  remote: .
  specs:
    getme (0.0.1)

GEM
  remote: http://rubygems.org/
  specs:
    nokogiri (1.4.4)
    rake (0.9.2)
    rdoc (3.6.1)

PLATFORMS
  ruby

DEPENDENCIES
  getme!
  nokogiri
  rake
  rdoc
